GEM
  remote: https://rubygems.org/
  specs:
    activesupport (5.2.3)
      concurrent-ruby (~> 1.0, >= 1.0.2)
      i18n (>= 0.7, < 2)
      minitest (~> 5.1)
      tzinfo (~> 1.1)
    addressable (2.6.0)
      public_suffix (>= 2.0.2, < 4.0)
    ast (2.4.0)
    autoprefixer-rails (9.5.1)
      execjs
    byebug (11.0.1)
    coderay (1.1.2)
    colorator (1.1.0)
    colorize (0.8.1)
    concurrent-ruby (1.1.5)
    cssminify2 (2.0.1)
    em-websocket (0.5.1)
      eventmachine (>= 0.12.9)
      http_parser.rb (~> 0.6.0)
    ethon (0.12.0)
      ffi (>= 1.3.0)
    eventmachine (1.2.7)
    execjs (2.7.0)
    ffi (1.10.0)
    forwardable-extended (2.6.0)
    html-proofer (3.9.3)
      activesupport (>= 4.2, < 6.0)
      addressable (~> 2.3)
      colorize (~> 0.8)
      mercenary (~> 0.3.2)
      nokogiri (~> 1.8.1)
      parallel (~> 1.3)
      typhoeus (~> 1.3)
      yell (~> 2.0)
    htmlcompressor (0.4.0)
    http_parser.rb (0.6.0)
    i18n (0.9.5)
      concurrent-ruby (~> 1.0)
    jaro_winkler (1.5.3)
    jekyll (3.8.5)
      addressable (~> 2.4)
      colorator (~> 1.0)
      em-websocket (~> 0.5)
      i18n (~> 0.7)
      jekyll-sass-converter (~> 1.0)
      jekyll-watch (~> 2.0)
      kramdown (~> 1.14)
      liquid (~> 4.0)
      mercenary (~> 0.3.3)
      pathutil (~> 0.9)
      rouge (>= 1.7, < 4)
      safe_yaml (~> 1.0)
    jekyll-archives (2.2.1)
      jekyll (>= 3.6, < 5.0)
    jekyll-autoprefixer (1.0.2)
      autoprefixer-rails (~> 9.3)
    jekyll-lazy-load-image (0.3.0)
      jekyll (~> 3.8)
      nokogiri (~> 1.8)
    jekyll-minifier (0.1.10)
      cssminify2 (~> 2.0)
      htmlcompressor (~> 0.4)
      jekyll (>= 3.5)
      json-minify (~> 0.0.3)
      uglifier (~> 4.1)
    jekyll-paginate (1.1.0)
    jekyll-redirect-from (0.15.0)
      jekyll (>= 3.3, < 5.0)
    jekyll-sass-converter (1.5.2)
      sass (~> 3.4)
    jekyll-sitemap (1.3.1)
      jekyll (>= 3.7, < 5.0)
    jekyll-target-blank (1.1.1)
      jekyll (~> 3.0)
      nokogiri (~> 1.8.2)
    jekyll-watch (2.2.1)
      listen (~> 3.0)
    json (2.2.0)
    json-minify (0.0.3)
      json (> 0)
    kramdown (1.17.0)
    liquid (4.0.3)
    listen (3.1.5)
      rb-fsevent (~> 0.9, >= 0.9.4)
      rb-inotify (~> 0.9, >= 0.9.7)
      ruby_dep (~> 1.2)
    mercenary (0.3.6)
    method_source (0.9.2)
    mini_portile2 (2.3.0)
    minitest (5.11.3)
    nokogiri (1.8.5)
      mini_portile2 (~> 2.3.0)
    parallel (1.17.0)
    parser (2.6.3.0)
      ast (~> 2.4.0)
    pathutil (0.16.2)
      forwardable-extended (~> 2.6)
    pry (0.12.2)
      coderay (~> 1.1.0)
      method_source (~> 0.9.0)
    pry-byebug (3.7.0)
      byebug (~> 11.0)
      pry (~> 0.10)
    public_suffix (3.0.3)
    rainbow (3.0.0)
    rake (10.5.0)
    rake-jekyll (1.1.0)
      rake (~> 10.0)
    rb-fsevent (0.10.3)
    rb-inotify (0.10.0)
      ffi (~> 1.0)
    rouge (3.3.0)
    rubocop (0.72.0)
      jaro_winkler (~> 1.5.1)
      parallel (~> 1.10)
      parser (>= 2.6)
      rainbow (>= 2.2.2, < 4.0)
      ruby-progressbar (~> 1.7)
      unicode-display_width (>= 1.4.0, < 1.7)
    ruby-progressbar (1.10.1)
    ruby_dep (1.5.0)
    safe_yaml (1.0.5)
    sass (3.7.4)
      sass-listen (~> 4.0.0)
    sass-listen (4.0.0)
      rb-fsevent (~> 0.9, >= 0.9.4)
      rb-inotify (~> 0.9, >= 0.9.7)
    thread_safe (0.3.6)
    trollop (2.9.9)
    typhoeus (1.3.1)
      ethon (>= 0.9.0)
    tzinfo (1.2.5)
      thread_safe (~> 0.1)
    uglifier (4.1.20)
      execjs (>= 0.3.0, < 3)
    unicode-display_width (1.6.0)
    yamllint (0.0.9)
      trollop (~> 2)
    yell (2.1.0)

PLATFORMS
  ruby

DEPENDENCIES
  html-proofer
  jekyll
  jekyll-archives
  jekyll-autoprefixer
  jekyll-lazy-load-image
  jekyll-minifier
  jekyll-paginate
  jekyll-redirect-from
  jekyll-sitemap
  jekyll-target-blank
  pry-byebug
  rake-jekyll
  rubocop
  yamllint

BUNDLED WITH
   1.17.3
