GEM
  remote: https://rubygems.org/
  specs:
    addressable (2.7.0)
      public_suffix (>= 2.0.2, < 5.0)
    ast (2.4.0)
    autoprefixer-rails (9.7.6)
      execjs
    byebug (11.1.1)
    coderay (1.1.2)
    colorator (1.1.0)
    concurrent-ruby (1.1.6)
    cssminify2 (2.0.1)
    em-websocket (0.5.1)
      eventmachine (>= 0.12.9)
      http_parser.rb (~> 0.6.0)
    ethon (0.12.0)
      ffi (>= 1.3.0)
    eventmachine (1.2.7)
    execjs (2.7.0)
    fastimage (2.1.7)
    ffi (1.13.1)
    forwardable-extended (2.6.0)
    html-proofer (3.15.3)
      addressable (~> 2.3)
      mercenary (~> 0.3)
      nokogumbo (~> 2.0)
      parallel (~> 1.3)
      rainbow (~> 3.0)
      typhoeus (~> 1.3)
      yell (~> 2.0)
    htmlcompressor (0.4.0)
    http_parser.rb (0.6.0)
    i18n (1.8.3)
      concurrent-ruby (~> 1.0)
    jekyll (4.1.0)
      addressable (~> 2.4)
      colorator (~> 1.0)
      em-websocket (~> 0.5)
      i18n (~> 1.0)
      jekyll-sass-converter (~> 2.0)
      jekyll-watch (~> 2.0)
      kramdown (~> 2.1)
      kramdown-parser-gfm (~> 1.0)
      liquid (~> 4.0)
      mercenary (~> 0.4.0)
      pathutil (~> 0.9)
      rouge (~> 3.0)
      safe_yaml (~> 1.0)
      terminal-table (~> 1.8)
    jekyll-archives (2.2.1)
      jekyll (>= 3.6, < 5.0)
    jekyll-autoprefixer (1.0.2)
      autoprefixer-rails (~> 9.3)
    jekyll-lazy-load-image (0.3.2)
      jekyll (>= 3.8)
      nokogiri (~> 1.8)
    jekyll-minifier (0.1.10)
      cssminify2 (~> 2.0)
      htmlcompressor (~> 0.4)
      jekyll (>= 3.5)
      json-minify (~> 0.0.3)
      uglifier (~> 4.1)
    jekyll-paginate (1.1.0)
    jekyll-redirect-from (0.16.0)
      jekyll (>= 3.3, < 5.0)
    jekyll-sass-converter (2.1.0)
      sassc (> 2.0.1, < 3.0)
    jekyll-sitemap (1.4.0)
      jekyll (>= 3.7, < 5.0)
    jekyll-tagging (1.1.0)
      nuggets
    jekyll-tagging-related_posts (1.1.0)
      jekyll (>= 3.5, < 5.0)
      jekyll-tagging (~> 1.0)
    jekyll-target-blank (2.0.0)
      jekyll (>= 3.0, < 5.0)
      nokogiri (~> 1.10)
    jekyll-watch (2.2.1)
      listen (~> 3.0)
    json (2.3.0)
    json-minify (0.0.3)
      json (> 0)
    kramdown (2.2.1)
      rexml
    kramdown-parser-gfm (1.1.0)
      kramdown (~> 2.0)
    liquid (4.0.3)
    liquid-c (4.0.0)
      liquid (>= 3.0.0)
    listen (3.2.1)
      rb-fsevent (~> 0.10, >= 0.10.3)
      rb-inotify (~> 0.9, >= 0.9.10)
    mercenary (0.4.0)
    method_source (1.0.0)
    mini_portile2 (2.4.0)
    nokogiri (1.10.9)
      mini_portile2 (~> 2.4.0)
    nokogumbo (2.0.2)
      nokogiri (~> 1.8, >= 1.8.4)
    nuggets (1.6.0)
    parallel (1.19.1)
    parser (2.7.1.3)
      ast (~> 2.4.0)
    pathutil (0.16.2)
      forwardable-extended (~> 2.6)
    pry (0.13.1)
      coderay (~> 1.1)
      method_source (~> 1.0)
    pry-byebug (3.9.0)
      byebug (~> 11.0)
      pry (~> 0.13.0)
    public_suffix (4.0.5)
    rainbow (3.0.0)
    rake (13.0.1)
    rb-fsevent (0.10.4)
    rb-inotify (0.10.1)
      ffi (~> 1.0)
    regexp_parser (1.7.1)
    rexml (3.2.4)
    rouge (3.19.0)
    rubocop (0.85.1)
      parallel (~> 1.10)
      parser (>= 2.7.0.1)
      rainbow (>= 2.2.2, < 4.0)
      regexp_parser (>= 1.7)
      rexml
      rubocop-ast (>= 0.0.3)
      ruby-progressbar (~> 1.7)
      unicode-display_width (>= 1.4.0, < 2.0)
    rubocop-ast (0.0.3)
      parser (>= 2.7.0.1)
    ruby-progressbar (1.10.1)
    safe_yaml (1.0.5)
    sassc (2.4.0)
      ffi (~> 1.9)
    terminal-table (1.8.0)
      unicode-display_width (~> 1.1, >= 1.1.1)
    trollop (2.9.10)
    typhoeus (1.3.1)
      ethon (>= 0.9.0)
    uglifier (4.2.0)
      execjs (>= 0.3.0, < 3)
    unicode-display_width (1.7.0)
    yamllint (0.0.9)
      trollop (~> 2)
    yell (2.2.2)

PLATFORMS
  ruby

DEPENDENCIES
  fastimage
  html-proofer
  jekyll
  jekyll-archives
  jekyll-autoprefixer
  jekyll-lazy-load-image
  jekyll-minifier
  jekyll-paginate
  jekyll-redirect-from
  jekyll-sitemap
  jekyll-tagging
  jekyll-tagging-related_posts
  jekyll-target-blank
  liquid-c
  pry-byebug
  rake
  rubocop
  yamllint

BUNDLED WITH
   2.1.4
